GEM
  remote: https://rubygems.org/
  specs:
    cinch (2.0.9)
    faraday (0.8.8)
      multipart-post (~> 1.2.0)
    mini_portile (0.5.1)
    multipart-post (1.2.0)
    nokogiri (1.6.0)
      mini_portile (~> 0.5.0)
    octokit (2.1.1)
      sawyer (~> 0.3.0)
    rack (1.5.2)
    sawyer (0.3.0)
      faraday (~> 0.8, < 0.10)
      uri_template (~> 0.5.0)
    shotgun (0.9)
      rack (>= 1.0)
    uri_template (0.5.3)

PLATFORMS
  ruby

DEPENDENCIES
  cinch
  nokogiri
  octokit
  shotgun
